GEM
  remote: http://rubygems.org/
  specs:
    actionmailer (2.3.15)
      actionpack (= 2.3.15)
    actionpack (2.3.15)
      activesupport (= 2.3.15)
      rack (~> 1.1.3)
    activerecord (2.3.15)
      activesupport (= 2.3.15)
    activeresource (2.3.15)
      activesupport (= 2.3.15)
    activesupport (2.3.15)
    bcrypt-ruby (3.0.1)
    cgi_multipart_eof_fix (2.5.0)
    cocaine (0.3.2)
    daemons (1.1.4)
    faker (1.1.2)
      i18n (~> 0.5)
    fastthread (1.0.7)
    gem_plugin (0.2.3)
    i18n (0.6.4)
    mime-types (1.21)
    mongrel (1.1.5)
      cgi_multipart_eof_fix (>= 2.4)
      daemons (>= 1.0.3)
      fastthread (>= 1.0.1)
      gem_plugin (>= 0.2.3)
    mysql (2.8.1)
    paperclip (2.7.5)
      activerecord (>= 2.3.0)
      activesupport (>= 2.3.2)
      cocaine (~> 0.3.0)
      mime-types
    populator (1.0.0)
    rack (1.1.6)
    rails (2.3.15)
      actionmailer (= 2.3.15)
      actionpack (= 2.3.15)
      activerecord (= 2.3.15)
      activeresource (= 2.3.15)
      activesupport (= 2.3.15)
      rake (>= 0.8.3)
    rake (0.9.2.2)
    rubygems-update (1.8.25)
    sqlite3 (1.3.7)
    will_paginate (2.3.16)

PLATFORMS
  ruby

DEPENDENCIES
  bcrypt-ruby (= 3.0.1)
  bundler (= 1.2.4)
  cgi_multipart_eof_fix (= 2.5.0)
  daemons (= 1.1.4)
  faker
  fastthread (= 1.0.7)
  gem_plugin (= 0.2.3)
  mongrel (= 1.1.5)
  mysql (= 2.8.1)
  paperclip (~> 2.7.5)
  populator
  rack (= 1.1.6)
  rails (= 2.3.15)
  rake (= 0.9.2.2)
  rubygems-update (= 1.8.25)
  sqlite3 (= 1.3.7)
  will_paginate (= 2.3.16)
